GEM
  remote: http://rubygems.org/
  specs:
    activemodel (3.1.3)
      activesupport (= 3.1.3)
      builder (~> 3.0.0)
      i18n (~> 0.6)
    activerecord (3.1.3)
      activemodel (= 3.1.3)
      activesupport (= 3.1.3)
      arel (~> 2.2.1)
      tzinfo (~> 0.3.29)
    activesupport (3.1.3)
      multi_json (~> 1.0)
    arel (2.2.1)
    builder (3.0.0)
    git (1.2.5)
    i18n (0.6.0)
    jeweler (1.6.4)
      bundler (~> 1.0)
      git (>= 1.2.5)
      rake
    multi_json (1.0.4)
    rake (0.9.2.2)
    rcov (0.9.11)
    shoulda (2.11.3)
    tzinfo (0.3.31)

PLATFORMS
  ruby

DEPENDENCIES
  activerecord (>= 2.3.5)
  activesupport (>= 2.3.5)
  bundler (~> 1.0.0)
  jeweler (~> 1.6.4)
  rcov
  shoulda
